GEM
  specs:
    collectiveaccess (0.1.0)
      httparty (~> 0.13)
    dotenv (2.0.2)
    httparty (0.13.5)
      json (~> 1.8)
      multi_xml (>= 0.5.2)
    json (1.8.3)
    multi_xml (0.5.5)
    net-scp (1.2.1)
      net-ssh (>= 2.6.5)
    net-ssh (2.9.2)

PLATFORMS
  ruby

DEPENDENCIES
  collectiveaccess
  dotenv (~> 2.0.2)
  net-scp (~> 1.2.1)

BUNDLED WITH
   1.10.5
